GEM
  remote: https://rubygems.org/
  specs:
    image_size (2.0.2)
    rake (12.3.3)
    review (2.5.0)
      image_size
      rouge
      rubyzip
    rouge (3.9.0)
    rubyzip (2.2.0)

PLATFORMS
  ruby

DEPENDENCIES
  rake
  review (= 2.5.0)

BUNDLED WITH
   1.17.3
